PATH
  remote: .
  specs:
    gitalytics (0.0.2)

GEM
  remote: https://rubygems.org/
  specs:

PLATFORMS
  ruby

DEPENDENCIES
  gitalytics!
