PATH
  remote: .
  specs:
    gitalytics (1.1.0)

GEM
  remote: https://rubygems.org/
  specs:

PLATFORMS
  ruby

DEPENDENCIES
  gitalytics!
