PATH
  remote: .
  specs:
    gitalytics (1.2.0)

GEM
  remote: https://rubygems.org/
  specs:
    rake (10.1.0)

PLATFORMS
  ruby

DEPENDENCIES
  gitalytics!
  rake
